GEM
  remote: http://rubygems.org/
  specs:
    actionmailer (2.3.8)
      actionpack (= 2.3.8)
    actionpack (2.3.8)
      activesupport (= 2.3.8)
      rack (~> 1.1.0)
    activerecord (2.3.8)
      activesupport (= 2.3.8)
    activeresource (2.3.8)
      activesupport (= 2.3.8)
    activesupport (2.3.8)
    bcms_fckeditor (1.0.2)
      browsercms (>= 3.1.0)
    bcms_news (1.0.0)
    browsercms (3.1.3)
    browsercmsi (3.1.2)
    chunky_png (1.2.0)
    cocaine (0.1.0)
    compass (0.11.3)
      chunky_png (~> 1.2)
      fssm (>= 0.2.7)
      sass (~> 3.1)
    daemon_controller (0.2.6)
    fastthread (1.0.7)
    fssm (0.2.7)
    haml (3.1.2)
    mysql2 (0.2.6)
    paperclip (2.3.12)
      activerecord (>= 2.3.0)
      activesupport (>= 2.3.2)
      cocaine (>= 0.0.2)
    passenger (3.0.7)
      daemon_controller (>= 0.2.5)
      fastthread (>= 1.0.1)
      rack
      rake (>= 0.8.1)
    rack (1.1.2)
    rails (2.3.8)
      actionmailer (= 2.3.8)
      actionpack (= 2.3.8)
      activerecord (= 2.3.8)
      activeresource (= 2.3.8)
      activesupport (= 2.3.8)
      rake (>= 0.8.3)
    rake (0.9.2)
    sass (3.1.3)

PLATFORMS
  ruby

DEPENDENCIES
  bcms_fckeditor (= 1.0.2)
  bcms_news (= 1.0.0)
  browsercmsi (= 3.1.2)
  compass (>= 0.8.17)
  haml (>= 2.2.16)
  mysql2 (< 0.3)
  paperclip
  passenger
  rails (= 2.3.8)
