GEM
  remote: http://rubygems.org/
  specs:
    actionmailer (2.3.8)
      actionpack (= 2.3.8)
    actionpack (2.3.8)
      activesupport (= 2.3.8)
      rack (~> 1.1.0)
    activerecord (2.3.8)
      activesupport (= 2.3.8)
    activeresource (2.3.8)
      activesupport (= 2.3.8)
    activesupport (2.3.8)
    bcms_fckeditor (1.0.2)
      browsercms (>= 3.1.0)
    bcms_news (1.0.0)
    browsercms (3.1.3)
    browsercmsi (3.1.2)
    compass (0.10.6)
      haml (>= 3.0.4)
    daemon_controller (0.2.6)
    fastthread (1.0.7)
    haml (3.0.25)
    mysql2 (0.2.6)
    paperclip (2.3.11)
      activerecord (>= 2.3.0)
      activesupport (>= 2.3.2)
    passenger (3.0.7)
      daemon_controller (>= 0.2.5)
      fastthread (>= 1.0.1)
      rack
      rake (>= 0.8.1)
    rack (1.1.2)
    rails (2.3.8)
      actionmailer (= 2.3.8)
      actionpack (= 2.3.8)
      activerecord (= 2.3.8)
      activeresource (= 2.3.8)
      activesupport (= 2.3.8)
      rake (>= 0.8.3)
    rake (0.8.7)

PLATFORMS
  ruby

DEPENDENCIES
  bcms_fckeditor (= 1.0.2)
  bcms_news (= 1.0.0)
  browsercmsi (= 3.1.2)
  compass (>= 0.8.17)
  haml (>= 2.2.16)
  mysql2
  paperclip
  passenger
  rails (= 2.3.8)
