GEM
  remote: http://rubygems.org/
  specs:
    actionmailer (2.3.17)
      actionpack (= 2.3.17)
    actionpack (2.3.17)
      activesupport (= 2.3.17)
      rack (~> 1.1.0)
    activerecord (2.3.17)
      activesupport (= 2.3.17)
    activeresource (2.3.17)
      activesupport (= 2.3.17)
    activesupport (2.3.17)
    bcms_fckeditor (1.0.2)
      browsercms (>= 3.1.0)
    bcms_news (1.0.0)
    browsercms (3.1.3)
    browsercmsi (3.1.2)
    capistrano (2.9.0)
      highline
      net-scp (>= 1.0.0)
      net-sftp (>= 2.0.0)
      net-ssh (>= 2.0.14)
      net-ssh-gateway (>= 1.1.0)
    compass (0.10.6)
      haml (>= 3.0.4)
    daemon_controller (0.2.6)
    fastthread (1.0.7)
    haml (3.0.25)
    highline (1.6.5)
    mysql2 (0.2.11)
    net-scp (1.0.4)
      net-ssh (>= 1.99.1)
    net-sftp (2.0.5)
      net-ssh (>= 2.0.9)
    net-ssh (2.2.1)
    net-ssh-gateway (1.1.0)
      net-ssh (>= 1.99.1)
    paperclip (2.3.11)
      activerecord (>= 2.3.0)
      activesupport (>= 2.3.2)
    passenger (3.0.9)
      daemon_controller (>= 0.2.5)
      fastthread (>= 1.0.1)
      rack
      rake (>= 0.8.1)
    rack (1.1.6)
    rails (2.3.17)
      actionmailer (= 2.3.17)
      actionpack (= 2.3.17)
      activerecord (= 2.3.17)
      activeresource (= 2.3.17)
      activesupport (= 2.3.17)
      rake (>= 0.8.3)
    rake (10.0.3)

PLATFORMS
  ruby

DEPENDENCIES
  bcms_fckeditor (= 1.0.2)
  bcms_news (= 1.0.0)
  browsercmsi (= 3.1.2)
  capistrano (~> 2.9.0)
  compass (= 0.10.6)
  haml (= 3.0.25)
  mysql2 (< 0.3)
  paperclip (= 2.3.11)
  passenger (~> 3.0.9)
  rails (= 2.3.17)
